GEM
  remote: https://rubygems.org/
  specs:
    cgi (0.4.2)
    charlock_holmes (0.7.9)
    github-linguist (7.30.0)
      cgi
      charlock_holmes (~> 0.7.7)
      mini_mime (~> 1.0)
      rugged (~> 1.0)
    mini_mime (1.1.5)
    minitest (5.25.4)
    rake (13.2.1)
    rugged (1.9.0)

PLATFORMS
  x86_64-linux

DEPENDENCIES
  github-linguist (~> 7.27)
  minitest
  rake

BUNDLED WITH
   2.2.33
